GEM
  remote: https://rubygems.org/
  specs:
    rake (12.3.0)
    sass (3.4.13)

PLATFORMS
  ruby

DEPENDENCIES
  rake
  sass
